PATH
  remote: ../rulers
  specs:
    rulers (0.4.6)
      erubis

GEM
  remote: http://rubygems.org/
  specs:
    erubis (2.7.0)

PLATFORMS
  x86_64-darwin-20

DEPENDENCIES
  rulers!

BUNDLED WITH
   2.2.26
