PATH
  remote: ../rulers
  specs:
    rulers (0.5.2)
      erubis
      multi_json

GEM
  remote: http://rubygems.org/
  specs:
    erubis (2.7.0)
    multi_json (1.15.0)

PLATFORMS
  x86_64-darwin-20

DEPENDENCIES
  rulers!

BUNDLED WITH
   2.2.26
