PATH
  remote: ../rulers
  specs:
    rulers (0.3.5)

GEM
  remote: http://rubygems.org/
  specs:

PLATFORMS
  x86_64-darwin-20

DEPENDENCIES
  rulers!

BUNDLED WITH
   2.2.26
